GEM
  remote: https://rubygems.org/
  specs:
    amq-protocol (2.3.4)
    amqp-client (1.2.1)
    benchmark-ips (2.14.0)
    bunny (2.24.0)
      amq-protocol (~> 2.3)
      sorted_set (~> 1, >= 1.0.2)
    excon (1.3.0)
      logger
    json (2.14.1)
    logger (1.7.0)
    rake (13.3.0)
    rbtree (0.4.6)
    set (1.1.2)
    sorted_set (1.0.3)
      rbtree
      set (~> 1.0)

PLATFORMS
  arm64-darwin-24
  ruby

DEPENDENCIES
  amqp-client (= 1.2.1)
  benchmark-ips
  bunny (= 2.24.0)
  excon
  json
  rake

BUNDLED WITH
   2.7.0
